PATH
  remote: ../..
  specs:
    rbs_rails (0.12.0)
      parser
      rbs (>= 1)

GEM
  remote: https://rubygems.org/
  specs:
    abbrev (0.1.2)
    actioncable (7.1.3)
      actionpack (= 7.1.3)
      activesupport (= 7.1.3)
      nio4r (~> 2.0)
      websocket-driver (>= 0.6.1)
      zeitwerk (~> 2.6)
    actionmailbox (7.1.3)
      actionpack (= 7.1.3)
      activejob (= 7.1.3)
      activerecord (= 7.1.3)
      activestorage (= 7.1.3)
      activesupport (= 7.1.3)
      mail (>= 2.7.1)
      net-imap
      net-pop
      net-smtp
    actionmailer (7.1.3)
      actionpack (= 7.1.3)
      actionview (= 7.1.3)
      activejob (= 7.1.3)
      activesupport (= 7.1.3)
      mail (~> 2.5, >= 2.5.4)
      net-imap
      net-pop
      net-smtp
      rails-dom-testing (~> 2.2)
    actionpack (7.1.3)
      actionview (= 7.1.3)
      activesupport (= 7.1.3)
      nokogiri (>= 1.8.5)
      racc
      rack (>= 2.2.4)
      rack-session (>= 1.0.1)
      rack-test (>= 0.6.3)
      rails-dom-testing (~> 2.2)
      rails-html-sanitizer (~> 1.6)
    actiontext (7.1.3)
      actionpack (= 7.1.3)
      activerecord (= 7.1.3)
      activestorage (= 7.1.3)
      activesupport (= 7.1.3)
      globalid (>= 0.6.0)
      nokogiri (>= 1.8.5)
    actionview (7.1.3)
      activesupport (= 7.1.3)
      builder (~> 3.1)
      erubi (~> 1.11)
      rails-dom-testing (~> 2.2)
      rails-html-sanitizer (~> 1.6)
    activejob (7.1.3)
      activesupport (= 7.1.3)
      globalid (>= 0.3.6)
    activemodel (7.1.3)
      activesupport (= 7.1.3)
    activerecord (7.1.3)
      activemodel (= 7.1.3)
      activesupport (= 7.1.3)
      timeout (>= 0.4.0)
    activestorage (7.1.3)
      actionpack (= 7.1.3)
      activejob (= 7.1.3)
      activerecord (= 7.1.3)
      activesupport (= 7.1.3)
      marcel (~> 1.0)
    activesupport (7.1.3)
      base64
      bigdecimal
      concurrent-ruby (~> 1.0, >= 1.0.2)
      connection_pool (>= 2.2.5)
      drb
      i18n (>= 1.6, < 2)
      minitest (>= 5.1)
      mutex_m
      tzinfo (~> 2.0)
    ast (2.4.2)
    base64 (0.2.0)
    bcrypt (3.1.20)
    bigdecimal (3.1.6)
    bootsnap (1.18.3)
      msgpack (~> 1.2)
    builder (3.2.4)
    concurrent-ruby (1.2.3)
    connection_pool (2.4.1)
    crass (1.0.6)
    date (3.3.4)
    drb (2.2.0)
      ruby2_keywords
    erubi (1.12.0)
    globalid (1.2.1)
      activesupport (>= 6.1)
    i18n (1.14.1)
      concurrent-ruby (~> 1.0)
    io-console (0.7.2)
    irb (1.11.2)
      rdoc
      reline (>= 0.4.2)
    loofah (2.22.0)
      crass (~> 1.0.2)
      nokogiri (>= 1.12.0)
    mail (2.8.1)
      mini_mime (>= 0.1.1)
      net-imap
      net-pop
      net-smtp
    marcel (1.0.2)
    mini_mime (1.1.5)
    mini_portile2 (2.8.5)
    minitest (5.22.2)
    msgpack (1.7.2)
    mutex_m (0.2.0)
    net-imap (0.4.10)
      date
      net-protocol
    net-pop (0.1.2)
      net-protocol
    net-protocol (0.2.2)
      timeout
    net-smtp (0.4.0.1)
      net-protocol
    nio4r (2.7.0)
    nokogiri (1.16.2)
      mini_portile2 (~> 2.8.2)
      racc (~> 1.4)
    parser (3.3.0.5)
      ast (~> 2.4.1)
      racc
    psych (3.3.4)
    puma (6.4.2)
      nio4r (~> 2.0)
    racc (1.7.3)
    rack (3.0.9)
    rack-session (2.0.0)
      rack (>= 3.0.0)
    rack-test (2.1.0)
      rack (>= 1.3)
    rackup (2.1.0)
      rack (>= 3)
      webrick (~> 1.8)
    rails (7.1.3)
      actioncable (= 7.1.3)
      actionmailbox (= 7.1.3)
      actionmailer (= 7.1.3)
      actionpack (= 7.1.3)
      actiontext (= 7.1.3)
      actionview (= 7.1.3)
      activejob (= 7.1.3)
      activemodel (= 7.1.3)
      activerecord (= 7.1.3)
      activestorage (= 7.1.3)
      activesupport (= 7.1.3)
      bundler (>= 1.15.0)
      railties (= 7.1.3)
    rails-dom-testing (2.2.0)
      activesupport (>= 5.0.0)
      minitest
      nokogiri (>= 1.6)
    rails-html-sanitizer (1.6.0)
      loofah (~> 2.21)
      nokogiri (~> 1.14)
    railties (7.1.3)
      actionpack (= 7.1.3)
      activesupport (= 7.1.3)
      irb
      rackup (>= 1.0.0)
      rake (>= 12.2)
      thor (~> 1.0, >= 1.2.2)
      zeitwerk (~> 2.6)
    rake (13.1.0)
    rbs (3.4.4)
      abbrev
    rdoc (6.3.3)
    reline (0.4.2)
      io-console (~> 0.5)
    ruby2_keywords (0.0.5)
    sqlite3 (1.7.2)
      mini_portile2 (~> 2.8.0)
    thor (1.3.0)
    timeout (0.4.1)
    tzinfo (2.0.6)
      concurrent-ruby (~> 1.0)
    webrick (1.8.1)
    websocket-driver (0.7.6)
      websocket-extensions (>= 0.1.0)
    websocket-extensions (0.1.5)
    zeitwerk (2.6.13)

PLATFORMS
  ruby

DEPENDENCIES
  bcrypt
  bootsnap
  psych (< 4)
  puma
  rails (>= 7, < 8)
  rbs_rails!
  sqlite3

BUNDLED WITH
   2.4.13
